GEM
  remote: https://rubygems.org/
  specs:
    hike (1.2.3)
    json (1.8.1)
    multi_json (1.8.2)
    opal (0.5.0)
      source_map
    opal-sprockets (0.3.0)
      opal (~> 0.5.0)
      sprockets
    rack (1.5.2)
    source_map (3.0.1)
      json
    sprockets (2.10.0)
      hike (~> 1.2)
      multi_json (~> 1.0)
      rack (~> 1.0)
      tilt (~> 1.1, != 1.3.0)
    tilt (1.4.1)

PLATFORMS
  x86-mingw32

DEPENDENCIES
  opal (>= 0.4.3)
  opal-sprockets
